GIT
  remote: git://github.com/rails/rails.git
  revision: 393f797be868c46e9a25c6f07760e4cd69d150ea
  specs:
    actionmailer (4.0.0.beta)
      actionpack (= 4.0.0.beta)
      mail (~> 2.4.1)
    actionpack (4.0.0.beta)
      activemodel (= 4.0.0.beta)
      activesupport (= 4.0.0.beta)
      builder (~> 3.0.0)
      erubis (~> 2.7.0)
      journey (~> 1.0.1)
      rack (~> 1.4.1)
      rack-cache (~> 1.1)
      rack-test (~> 0.6.1)
      sprockets (~> 2.2.0)
    activemodel (4.0.0.beta)
      activesupport (= 4.0.0.beta)
      builder (~> 3.0.0)
    activerecord (4.0.0.beta)
      activemodel (= 4.0.0.beta)
      activesupport (= 4.0.0.beta)
      arel (~> 3.0.0)
      tzinfo (~> 0.3.29)
    activeresource (4.0.0.beta)
      activemodel (= 4.0.0.beta)
      activesupport (= 4.0.0.beta)
    activesupport (4.0.0.beta)
      i18n (~> 0.6)
      multi_json (~> 1.0)
    rails (4.0.0.beta)
      actionmailer (= 4.0.0.beta)
      actionpack (= 4.0.0.beta)
      activerecord (= 4.0.0.beta)
      activeresource (= 4.0.0.beta)
      activesupport (= 4.0.0.beta)
      bundler (~> 1.0)
      railties (= 4.0.0.beta)
    railties (4.0.0.beta)
      actionpack (= 4.0.0.beta)
      activesupport (= 4.0.0.beta)
      rack-ssl (~> 1.3.2)
      rake (>= 0.8.7)
      rdoc (~> 3.4)
      thor (~> 0.14.6)

GIT
  remote: https://github.com/rails/coffee-rails.git
  revision: 6b4034abbf7d9d7c5d46dd12c7dd56bf8a349cfc
  specs:
    coffee-rails (3.2.0)
      coffee-script (>= 2.2.0)
      railties (>= 4.0.0.beta, < 5.0)

GIT
  remote: https://github.com/rails/sass-rails.git
  revision: 922b199acd8284239e2b42555efdc868b47d8e8f
  specs:
    sass-rails (4.0.0.beta)
      railties (>= 4.0.0.beta, < 5.0)
      sass (>= 3.1.10)
      tilt (~> 1.3)

GEM
  remote: https://rubygems.org/
  specs:
    arel (3.0.0)
    builder (3.0.0)
    coffee-script (2.2.0)
      coffee-script-source
      execjs
    coffee-script-source (1.2.0)
    erubis (2.7.0)
    execjs (1.3.0)
      multi_json (~> 1.0)
    hike (1.2.1)
    i18n (0.6.0)
    journey (1.0.1)
    jquery-rails (2.0.0)
      railties (>= 3.2.0.beta, < 5.0)
      thor (~> 0.14)
    json (1.6.5)
    mail (2.4.1)
      i18n (>= 0.4.0)
      mime-types (~> 1.16)
      treetop (~> 1.4.8)
    mime-types (1.17.2)
    multi_json (1.0.4)
    polyglot (0.3.3)
    rack (1.4.1)
    rack-cache (1.1)
      rack (>= 0.4)
    rack-ssl (1.3.2)
      rack
    rack-test (0.6.1)
      rack (>= 1.0)
    rake (0.9.2.2)
    rdoc (3.12)
      json (~> 1.4)
    sass (3.1.14)
    sprockets (2.2.0)
      hike (~> 1.2)
      multi_json (~> 1.0)
      rack (~> 1.0)
      tilt (~> 1.1, != 1.3.0)
    sqlite3 (1.3.5)
    thor (0.14.6)
    tilt (1.3.3)
    treetop (1.4.10)
      polyglot
      polyglot (>= 0.3.1)
    tzinfo (0.3.31)
    uglifier (1.2.3)
      execjs (>= 0.3.0)
      multi_json (>= 1.0.2)

PLATFORMS
  ruby

DEPENDENCIES
  coffee-rails!
  jquery-rails
  rails!
  sass-rails!
  sqlite3
  uglifier (>= 1.0.3)
